GIT
  remote: git://github.com/hedgeyedev/pivotal_card_checker.git
  revision: c9c7f140997270cc77f6e9fddf9578c15097492b
  branch: master
  specs:
    pivotal_card_checker (0.0.1)
      public_suffix (~> 1.4.6)
      tracker_api

GEM
  remote: https://rubygems.org/
  specs:
    addressable (2.4.0)
    axiom-types (0.1.1)
      descendants_tracker (~> 0.0.4)
      ice_nine (~> 0.11.0)
      thread_safe (~> 0.3, >= 0.3.1)
    coercible (1.0.0)
      descendants_tracker (~> 0.0.1)
    declarative (0.0.9)
    declarative-option (0.1.0)
    descendants_tracker (0.0.4)
      thread_safe (~> 0.3, >= 0.3.1)
    equalizer (0.0.11)
    excon (0.58.0)
    faraday (0.9.2)
      multipart-post (>= 1.2, < 3)
    faraday_middleware (0.12.2)
      faraday (>= 0.7.4, < 1.0)
    ice_nine (0.11.2)
    multi_json (1.12.1)
    multipart-post (2.0.0)
    mustermann (1.0.0)
    public_suffix (1.4.6)
    rack (2.0.3)
    rack-protection (2.0.0)
      rack
    representable (3.0.4)
      declarative (< 0.1.0)
      declarative-option (< 0.2.0)
      uber (< 0.2.0)
    sinatra (2.0.0)
      mustermann (~> 1.0)
      rack (~> 2.0)
      rack-protection (= 2.0.0)
      tilt (~> 2.0)
    thread_safe (0.3.6)
    tilt (2.0.8)
    tracker_api (1.7.1)
      addressable
      equalizer
      excon
      faraday (~> 0.9.0)
      faraday_middleware
      multi_json
      representable
      virtus
    uber (0.1.0)
    virtus (1.0.5)
      axiom-types (~> 0.1)
      coercible (~> 1.0)
      descendants_tracker (~> 0.0, >= 0.0.3)
      equalizer (~> 0.0, >= 0.0.9)

PLATFORMS
  ruby

DEPENDENCIES
  pivotal_card_checker!
  sinatra

BUNDLED WITH
   1.15.3
